GEM
  remote: http://rubygems.org/
  specs:
    configuration (1.1.0)
    fakeweb (1.3.0)
    haml (3.0.23)
    heroku (1.12.1)
      json_pure (>= 1.2.0, < 1.5.0)
      launchy (~> 0.3.2)
      rest-client (>= 1.4.0, < 1.7.0)
    json_pure (1.4.6)
    launchy (0.3.7)
      configuration (>= 0.0.5)
      rake (>= 0.8.1)
    mechanize (1.0.0)
      nokogiri (>= 1.2.1)
    mime-types (1.16)
    mocha (0.9.9)
      rake
    nokogiri (1.4.3.1)
    rack (1.2.1)
    rake (0.8.7)
    rest-client (1.6.1)
      mime-types (>= 1.16)
    shotgun (0.8)
      rack (>= 1.0)
    sinatra (1.1.0)
      rack (~> 1.1)
      tilt (~> 1.1)
    tilt (1.1)

PLATFORMS
  ruby

DEPENDENCIES
  fakeweb
  haml (= 3.0.23)
  heroku
  mechanize (= 1.0.0)
  mocha
  shotgun
  sinatra (= 1.1.0)
